GIT
  remote: git://github.com/livingsocial/rake-pipeline.git
  revision: ee992cbcda5172075062be035bcbef2cf1b0ff5d
  specs:
    rake-pipeline (0.8.0)
      json
      rake (~> 10.0.0)
      thor

GIT
  remote: git://github.com/wycats/rake-pipeline-web-filters.git
  revision: d83f54cc0d4e53f9833c31851964e3d8ba00f66a
  specs:
    rake-pipeline-web-filters (0.6.0)
      rack
      rake-pipeline (~> 0.6)

GEM
  remote: http://rubygems.org/
  specs:
    chunky_png (1.2.7)
    coderay (1.0.8)
    coffee-script (2.2.0)
      coffee-script-source
      execjs
    coffee-script-source (1.4.0)
    colored (1.2)
    commonjs (0.2.6)
    compass (0.12.2)
      chunky_png (~> 1.2)
      fssm (>= 0.2.7)
      sass (~> 3.1)
    execjs (1.4.0)
      multi_json (~> 1.0)
    fssm (0.2.10)
    gli (2.5.4)
    guard (1.6.2)
      listen (>= 0.6.0)
      lumberjack (>= 1.0.2)
      pry (>= 0.9.10)
      terminal-table (>= 1.4.3)
      thor (>= 0.14.6)
    guard-shell (0.5.1)
      guard (>= 1.1.0)
    handlebars (0.3.2)
      commonjs (~> 0.2.3)
      therubyracer (~> 0.11.1)
    i18n (0.6.1)
    json (1.7.6)
    libv8 (3.11.8.13)
    listen (0.7.2)
    localeapp (0.6.9)
      gli
      i18n
      json
      rest-client
      ya2yaml
    localeapp-handlebars_i18n (0.0.1)
      localeapp
    lumberjack (1.0.2)
    method_source (0.8.1)
    mime-types (1.19)
    multi_json (1.5.0)
    pry (0.9.11.4)
      coderay (~> 1.0.5)
      method_source (~> 0.8)
      slop (~> 3.4)
    rack (1.5.1)
    rake (10.0.3)
    rake-pipeline-i18n-filters (0.0.5)
      rake-pipeline (~> 0.6)
    rb-fsevent (0.9.3)
    ref (1.0.2)
    rest-client (1.6.7)
      mime-types (>= 1.16)
    sass (3.2.5)
    slop (3.4.3)
    terminal-table (1.4.5)
    therubyracer (0.11.3)
      libv8 (~> 3.11.8.12)
      ref
    thor (0.17.0)
    tilt (1.3.3)
    uglifier (1.3.0)
      execjs (>= 0.3.0)
      multi_json (~> 1.0, >= 1.0.2)
    ya2yaml (0.31)

PLATFORMS
  ruby

DEPENDENCIES
  coffee-script
  colored
  compass
  guard
  guard-shell
  handlebars
  localeapp
  localeapp-handlebars_i18n
  rake
  rake-pipeline!
  rake-pipeline-i18n-filters
  rake-pipeline-web-filters!
  rb-fsevent
  tilt
  uglifier
